PATH
  remote: .
  specs:
    maestrano (0.1.0)
      nokogiri (>= 1.5.0)
      uuid (~> 2.3)

GEM
  remote: http://rubygems.org/
  specs:
    macaddr (1.7.1)
      systemu (~> 2.6.2)
    metaclass (0.0.4)
    mocha (0.13.3)
      metaclass (~> 0.0.1)
    nokogiri (1.5.11)
    rake (10.3.2)
    shoulda (2.11.3)
    systemu (2.6.4)
    test-unit (2.5.5)
    timecop (0.6.0)
    uuid (2.3.7)
      macaddr (~> 1.0)

PLATFORMS
  ruby

DEPENDENCIES
  maestrano!
  mocha (~> 0.13.2)
  rake
  shoulda (~> 2.11.0)
  test-unit
  timecop (<= 0.6.0)
