PATH
  remote: .
  specs:
    maestrano (0.6.0)
      json (~> 1.8)
      mime-types (~> 1.25)
      nokogiri (>= 1.5.0)
      rest-client (~> 1.4)
      uuid (~> 2.3)

GEM
  remote: http://rubygems.org/
  specs:
    json (1.8.1)
    macaddr (1.7.1)
      systemu (~> 2.6.2)
    metaclass (0.0.4)
    mime-types (1.25.1)
    mini_portile (0.6.0)
    mocha (0.13.3)
      metaclass (~> 0.0.1)
    nokogiri (1.6.2.1)
      mini_portile (= 0.6.0)
    rake (10.3.2)
    rest-client (1.6.7)
      mime-types (>= 1.16)
    shoulda (2.11.3)
    systemu (2.6.4)
    test-unit (2.5.5)
    timecop (0.6.0)
    uuid (2.3.7)
      macaddr (~> 1.0)

PLATFORMS
  ruby

DEPENDENCIES
  maestrano!
  mocha (~> 0.13)
  rake (~> 10)
  shoulda (~> 2.11)
  test-unit (~> 2)
  timecop (<= 0.6.0)
