PATH
  remote: .
  specs:
    maestrano (0.1.0)
      nokogiri (>= 1.5.0)
      uuid (~> 2.3)

GEM
  remote: http://rubygems.org/
  specs:
    columnize (0.8.9)
    debugger (1.6.7)
      columnize (>= 0.3.1)
      debugger-linecache (~> 1.2.0)
      debugger-ruby_core_source (~> 1.3.5)
    debugger-linecache (1.2.0)
    debugger-ruby_core_source (1.3.5)
    linecache (0.46)
      rbx-require-relative (> 0.0.4)
    macaddr (1.7.1)
      systemu (~> 2.6.2)
    metaclass (0.0.4)
    mocha (0.14.0)
      metaclass (~> 0.0.1)
    nokogiri (1.5.11)
    rake (10.3.2)
    rbx-require-relative (0.0.9)
    ruby-debug (0.10.4)
      columnize (>= 0.1)
      ruby-debug-base (~> 0.10.4.0)
    ruby-debug-base (0.10.4)
      linecache (>= 0.3)
    shoulda (2.11.3)
    systemu (2.6.4)
    test-unit (2.5.5)
    timecop (0.6.0)
    uuid (2.3.7)
      macaddr (~> 1.0)

PLATFORMS
  ruby

DEPENDENCIES
  debugger (~> 1.1)
  maestrano!
  mocha (~> 0.14)
  nokogiri (~> 1.5.0)
  rake (~> 10)
  ruby-debug (~> 0.10.4)
  shoulda (~> 2.11)
  systemu (~> 2)
  test-unit
  timecop (<= 0.6.0)
